GEM
  remote: https://rubygems.org/
  specs:
    dropbox-sdk (1.6.5)
      json
    json (1.8.3)

PLATFORMS
  ruby

DEPENDENCIES
  dropbox-sdk
